PATH
  remote: .
  specs:
    obviously-valid-dependencies (0.0.1)

GEM
  remote: https://rubygems.org/
  specs:
    rake (13.0.1)

PLATFORMS
  ruby

DEPENDENCIES
  bundler (~> 1.7)
  obviously-valid-dependencies!
  rake (~> 13.0)
