PATH
  remote: .
  specs:
    invalid-sub-dependencies (0.0.1)

GEM
  remote: https://rubygems.org/
  specs:
    capybara (2.1.0)
      mime-types (>= 1.16)
      nokogiri (>= 1.3.3)
      rack (>= 1.0.0)
      rack-test (>= 0.5.4)
      xpath (~> 2.0)
    capybara-webkit (1.1.1)
      capybara (>= 2.0.2, < 2.2.0)
      json
    json (1.8.1)
    mime-types (2.4.3)
    mini_portile2 (2.8.0)
    nokogiri (1.13.6)
      mini_portile2 (~> 2.8.0)
      racc (~> 1.4)
    racc (1.6.0)
    rack (2.0.7)
    rack-test (0.6.2)
      rack (>= 1.0)
    rake (10.4.2)
    xpath (2.0.0)
      nokogiri (~> 1.3)

PLATFORMS
  ruby

DEPENDENCIES
  bundler (~> 1.7)
  capybara (= 2.1)
  capybara-webkit (~> 1.1.0)
  invalid-sub-dependencies!
  rake (~> 10.0)
